PATH
  remote: ../..
  specs:
    otr-activerecord (2.1.2)
      activerecord (>= 4.0, < 7.2)
      hashie-forbidden_attributes (~> 0.1)

GEM
  remote: https://rubygems.org/
  specs:
    activemodel (7.1.0.rc1)
      activesupport (= 7.1.0.rc1)
    activerecord (7.1.0.rc1)
      activemodel (= 7.1.0.rc1)
      activesupport (= 7.1.0.rc1)
      timeout (>= 0.4.0)
    activesupport (7.1.0.rc1)
      base64
      bigdecimal
      concurrent-ruby (~> 1.0, >= 1.0.2)
      connection_pool (>= 2.2.5)
      drb
      i18n (>= 1.6, < 2)
      minitest (>= 5.1)
      mutex_m
      tzinfo (~> 2.0)
    base64 (0.1.1)
    bigdecimal (3.1.4)
    concurrent-ruby (1.2.2)
    connection_pool (2.4.1)
    drb (2.1.1)
      ruby2_keywords
    hashie (5.0.0)
    hashie-forbidden_attributes (0.1.1)
      hashie (>= 3.0)
    i18n (1.14.1)
      concurrent-ruby (~> 1.0)
    mini_portile2 (2.8.4)
    minitest (5.20.0)
    mutex_m (0.1.2)
    nio4r (2.5.9)
    puma (5.6.7)
      nio4r (~> 2.0)
    rack (2.2.8)
    rake (13.0.6)
    ruby2_keywords (0.0.5)
    shotgun (0.9.2)
      rack (>= 1.0)
    sqlite3 (1.6.6)
      mini_portile2 (~> 2.8.0)
    sqlite3 (1.6.6-arm64-darwin)
    timeout (0.4.0)
    tzinfo (2.0.6)
      concurrent-ruby (~> 1.0)

PLATFORMS
  arm64-darwin-22
  ruby

DEPENDENCIES
  activerecord (= 7.1.0.rc1)
  otr-activerecord!
  puma (~> 5.6)
  rack (~> 2.2)
  rake
  shotgun
  sqlite3

BUNDLED WITH
   2.4.1
